GEM
  remote: https://rubygems.org/
  specs:
    colorize (1.1.0)
    sqlite3 (2.6.0-x64-mingw-ucrt)
    sqlite3 (2.6.0-x86_64-linux-gnu)

PLATFORMS
  x64-mingw-ucrt
  x86_64-linux

DEPENDENCIES
  colorize
  sqlite3

BUNDLED WITH
   2.6.9
